GEM
  remote: https://rubygems.org/
  specs:
    celluloid (0.17.3)
      celluloid-essentials
      celluloid-extras
      celluloid-fsm
      celluloid-pool
      celluloid-supervision
      timers (>= 4.1.1)
    celluloid-essentials (0.20.5)
      timers (>= 4.1.1)
    celluloid-extras (0.20.5)
      timers (>= 4.1.1)
    celluloid-fsm (0.20.5)
      timers (>= 4.1.1)
    celluloid-io (0.17.3)
      celluloid (>= 0.17.2)
      nio4r (>= 1.1)
      timers (>= 4.1.1)
    celluloid-pool (0.20.5)
      timers (>= 4.1.1)
    celluloid-supervision (0.20.6)
      timers (>= 4.1.1)
    ffi (1.9.17)
    hitimes (1.2.4)
    little-plugger (1.1.4)
    logging (2.1.0)
      little-plugger (~> 1.1)
      multi_json (~> 1.10)
    multi_json (1.12.1)
    nio4r (2.0.0)
    ragent (0.0.6)
      celluloid (~> 0.17.0)
      logging (~> 2.1)
      thor (~> 0.19)
    rb-inotify (0.9.8)
      ffi (>= 0.5.0)
    thor (0.19.4)
    timers (4.1.2)
      hitimes

PLATFORMS
  ruby

DEPENDENCIES
  celluloid-io
  ragent
  rb-inotify

BUNDLED WITH
   1.14.3
